PATH
  remote: vendor/gems/faye-0.8.3
  specs:
    faye (0.8.3)

GEM
  remote: http://rubygems.org/
  specs:

PLATFORMS
  ruby

DEPENDENCIES
  faye (= 0.8.3)!
